GIT
  remote: git://github.com/rspec/rspec.git
  revision: 69994d0e78876c873d3456b08d3a11030c3e0ac4
  specs:
    rspec (2.13.0)
      rspec-core (~> 2.13.0)
      rspec-expectations (~> 2.13.0)
      rspec-mocks (~> 2.13.0)

PATH
  remote: .
  specs:
    mithril (0.4.1)
    mithril-specs (0.4.1)

GEM
  remote: https://rubygems.org/
  specs:
    activesupport (3.2.11)
      i18n (~> 0.6)
      multi_json (~> 1.0)
    diff-lcs (1.2.1)
    factory_girl (4.2.0)
      activesupport (>= 3.0.0)
    i18n (0.6.1)
    multi_json (1.5.0)
    rspec-core (2.13.0)
    rspec-expectations (2.13.0)
      diff-lcs (>= 1.1.3, < 2.0)
    rspec-mocks (2.13.0)

PLATFORMS
  ruby

DEPENDENCIES
  factory_girl (~> 4.2)
  mithril!
  mithril-specs!
  rspec!
