GIT
  remote: git://github.com/rspec/rspec-core.git
  revision: a77b22201f8ee33bbc15ecb468656e028b58b3af
  specs:
    rspec-core (2.12.2)

PATH
  remote: .
  specs:
    mithril (0.3.2)
    mithril-specs (0.3.2)

GEM
  remote: https://rubygems.org/
  specs:
    activesupport (3.2.11)
      i18n (~> 0.6)
      multi_json (~> 1.0)
    diff-lcs (1.1.3)
    factory_girl (4.2.0)
      activesupport (>= 3.0.0)
    i18n (0.6.1)
    multi_json (1.5.0)
    rspec (2.12.0)
      rspec-core (~> 2.12.0)
      rspec-expectations (~> 2.12.0)
      rspec-mocks (~> 2.12.0)
    rspec-expectations (2.12.1)
      diff-lcs (~> 1.1.3)
    rspec-mocks (2.12.2)

PLATFORMS
  ruby

DEPENDENCIES
  factory_girl (~> 4.2)
  mithril!
  mithril-specs!
  rspec (~> 2.12)
  rspec-core!
